PATH
  remote: .
  specs:
    rulers (0.0.2)
      erubis
      puma (~> 6)
      rack (~> 3.1)

GEM
  remote: https://rubygems.org/
  specs:
    erubis (2.7.0)
    minitest (5.25.2)
    nio4r (2.7.4)
    puma (6.5.0)
      nio4r (~> 2.0)
    rack (3.1.8)
    rack-test (2.1.0)
      rack (>= 1.3)
    rake (10.5.0)

PLATFORMS
  arm64-darwin-24
  ruby

DEPENDENCIES
  bundler
  minitest (~> 5.0)
  rack-test
  rake (~> 10.0)
  rulers!

BUNDLED WITH
   2.5.22
